NUGET
  remote: https://nuget.org/api/v2
  specs:
    DependencySharp (1.1.0)
    FAKE (3.14.0)
    FsPickler (1.0.6)
    FsUnit (1.3.0.1)
      NUnit (>= 2.6.3)
    NUnit (2.6.3)
    NUnit.Runners (2.6.3)
    System.Data.SQLite.Core (1.0.94.0)
