NUGET
  remote: https://nuget.org/api/v2
  specs:
    FAKE (3.25.1)
    FsPickler (1.0.15)
    NUnit (2.6.4)
    NUnit.Runners (2.6.4)
    System.Data.SQLite.Core (1.0.96.0)
