NUGET
  remote: https://nuget.org/api/v2
  specs:
    FAKE (4.3.7)
    FSharp.Control.AsyncSeq (2.0.1)
    FsPickler (1.3.7)
    NUnit (2.6.4)
    NUnit.Runners (2.6.4)
    System.Data.SQLite.Core (1.0.98.1)
